PATH
  remote: .
  specs:
    jazz_model (0.1.0)
      activerecord (~> 3.1.0)
      activesupport (>= 3.1, < 5.3)
      acts_as_list (>= 0.1.2)
      acts_as_tree (>= 0.1.1)
      sqlite3 (~> 1.3.0)

GEM
  remote: http://rubygems.org/
  specs:
    activemodel (3.1.12)
      activesupport (= 3.1.12)
      builder (~> 3.0.0)
      i18n (~> 0.6)
    activerecord (3.1.12)
      activemodel (= 3.1.12)
      activesupport (= 3.1.12)
      arel (~> 2.2.3)
      tzinfo (~> 0.3.29)
    activesupport (3.1.12)
      multi_json (~> 1.0)
    acts_as_list (0.9.19)
      activerecord (>= 3.0)
    acts_as_tree (2.9.0)
      activerecord (>= 3.0.0)
    arel (2.2.3)
    builder (3.0.4)
    concurrent-ruby (1.1.5)
    diff-lcs (1.1.2)
    i18n (0.9.5)
      concurrent-ruby (~> 1.0)
    multi_json (1.13.1)
    rspec (2.4.0)
      rspec-core (~> 2.4.0)
      rspec-expectations (~> 2.4.0)
      rspec-mocks (~> 2.4.0)
    rspec-core (2.4.0)
    rspec-expectations (2.4.0)
      diff-lcs (~> 1.1.2)
    rspec-mocks (2.4.0)
    sqlite3 (1.3.13)
    tzinfo (0.3.55)

PLATFORMS
  ruby

DEPENDENCIES
  jazz_model!
  rspec (~> 2.0)
