PATH
  remote: .
  specs:
    jazz_model (0.1.0)
      activerecord (~> 3.1.0)
      activesupport (~> 3.1.0)
      acts_as_list (>= 0.1.2)
      acts_as_tree (>= 0.1.1)
      sqlite3 (~> 1.3.0)

GEM
  remote: http://rubygems.org/
  specs:
    activemodel (3.1.4)
      activesupport (= 3.1.4)
      builder (~> 3.0.0)
      i18n (~> 0.6)
    activerecord (3.1.4)
      activemodel (= 3.1.4)
      activesupport (= 3.1.4)
      arel (~> 2.2.3)
      tzinfo (~> 0.3.29)
    activesupport (3.1.4)
      multi_json (~> 1.0)
    acts_as_list (0.1.8)
    acts_as_tree (0.1.1)
    arel (2.2.3)
    builder (3.0.4)
    diff-lcs (1.1.2)
    i18n (0.6.1)
    multi_json (1.5.0)
    rspec (2.4.0)
      rspec-core (~> 2.4.0)
      rspec-expectations (~> 2.4.0)
      rspec-mocks (~> 2.4.0)
    rspec-core (2.4.0)
    rspec-expectations (2.4.0)
      diff-lcs (~> 1.1.2)
    rspec-mocks (2.4.0)
    sqlite3 (1.3.6)
    tzinfo (0.3.61)

PLATFORMS
  ruby

DEPENDENCIES
  jazz_model!
  rspec (~> 2.0)
