PATH
  remote: .
  specs:
    jazz_model (0.1.0)
      activerecord (>= 3.1, < 7.1)
      activesupport (~> 3.1.0)
      acts_as_list (>= 0.1.2)
      acts_as_tree (>= 0.1.1)
      sqlite3 (~> 1.3.0)

GEM
  remote: http://rubygems.org/
  specs:
    activerecord (3.2.14)
    activesupport (3.1.12)
      multi_json (~> 1.0)
    acts_as_list (0.9.19)
      activerecord (>= 3.0)
    acts_as_tree (2.9.1)
      activerecord (>= 3.0.0)
    diff-lcs (1.1.2)
    multi_json (1.15.0)
    rspec (2.4.0)
      rspec-core (~> 2.4.0)
      rspec-expectations (~> 2.4.0)
      rspec-mocks (~> 2.4.0)
    rspec-core (2.4.0)
    rspec-expectations (2.4.0)
      diff-lcs (~> 1.1.2)
    rspec-mocks (2.4.0)
    sqlite3 (1.3.13)

PLATFORMS
  ruby

DEPENDENCIES
  jazz_model!
  rspec (~> 2.0)
